PATH
  remote: .
  specs:
    clipboard_presenter_plugin (0.1.0)

GEM
  remote: https://rubygems.org/
  specs:
    rake (10.5.0)

PLATFORMS
  ruby

DEPENDENCIES
  bundler (~> 1.17.3)
  clipboard_presenter_plugin!
  rake (~> 10.0)

BUNDLED WITH
   1.17.3
